{
    "AcquisitionMatrixPE": 104,
    "BandwidthPerPixelPhaseEncode": 24.655,
    "BaseResolution": 104,
    "BodyPartExamined": "BRAIN",
    "ConsistencyInfo": "N4_VE11E_LATEST_20181129",
    "ConversionSoftware": "dcm2niix",
    "ConversionSoftwareVersion": "v1.0.20171215 GCC4.8.4",
    "DerivedVendorReportedEchoSpacing": 0.000779995,
    "DwellTime": 3.3e-06,
    "EchoTime": 0.1002,
    "EchoTrainLength": 51,
    "EffectiveEchoSpacing": 0.000389997,
    "FlipAngle": 90,
    "ImageComments": "Unaliased_MB3_PE4_LB",
    "ImageOrientationPatientDICOM": [
        1,
        0,
        0,
        0,
        1,
        0
    ],
    "ImageType": [
        "ORIGINAL",
        "PRIMARY",
        "DIFFUSION",
        "NONE",
        "MB",
        "ND",
        "MOSAIC"
    ],
    "InPlanePhaseEncodingDirectionDICOM": "COL",
    "MRAcquisitionType": "2D",
    "MagneticFieldStrength": 3,
    "Manufacturer": "Siemens",
    "ManufacturersModelName": "Prisma",
    "Modality": "MR",
    "MultibandAccelerationFactor": 3,
    "ParallelReductionFactorInPlane": 2,
    "PartialFourier": 1,
    "PatientPosition": "HFS",
    "PercentPhaseFOV": 100,
    "PhaseEncodingDirection": "j-",
    "PhaseEncodingSteps": 103,
    "PhaseResolution": 1,
    "PixelBandwidth": 1455,
    "ProcedureStepDescription": "CMI_CUNY_noT2_HBN",
    "ProtocolName": "cmrr_DKI",
    "PulseSequenceDetails": "%CustomerSeq%_cmrr_mbep2d_diff",
    "ReceiveCoilActiveElements": "HEA;HEP",
    "ReceiveCoilName": "Head_32",
    "ReconMatrixPE": 104,
    "RepetitionTime": 3.32,
    "SAR": 0.469271,
    "ScanOptions": "FS",
    "ScanningSequence": "EP",
    "SequenceName": "ep_b0",
    "SequenceVariant": "SK_SS",
    "SeriesDescription": "cmrr_DKI",
    "ShimSetting": [
        -1615,
        -10139,
        2228,
        429,
        -5,
        79,
        217,
        4
    ],
    "SliceThickness": 2.4,
    "SliceTiming": [
        0,
        1.485,
        2.97,
        1.155,
        2.64,
        0.825,
        2.31,
        0.495,
        1.98,
        0.165,
        1.65,
        3.135,
        1.32,
        2.805,
        0.99,
        2.475,
        0.66,
        2.145,
        0.33,
        1.815,
        0,
        1.485,
        2.97,
        1.155,
        2.64,
        0.825,
        2.31,
        0.495,
        1.98,
        0.165,
        1.65,
        3.135,
        1.32,
        2.805,
        0.99,
        2.475,
        0.66,
        2.145,
        0.33,
        1.815,
        0,
        1.485,
        2.97,
        1.155,
        2.64,
        0.825,
        2.31,
        0.495,
        1.98,
        0.165,
        1.65,
        3.135,
        1.32,
        2.805,
        0.99,
        2.475,
        0.66,
        2.145,
        0.33,
        1.815
    ],
    "SoftwareVersions": "syngo_MR_E11",
    "SpacingBetweenSlices": 2.4,
    "TotalReadoutTime": 0.0401697,
    "TxRefAmp": 221.144,
    "VendorReportedEchoSpacing": 0.00078,
    "Obliquity": "False",
    "VoxelSizeDim1": 1.798076868057251,
    "VoxelSizeDim3": 2.4000000953674316,
    "VoxelSizeDim2": 1.798076868057251,
    "Dim1Size": 104,
    "Dim2Size": 104,
    "Dim3Size": 60,
    "NumVolumes": 129,
    "ImageOrientation": "LAS+"
}