{
    "InPlanePhaseEncodingDirectionDICOM": "ROW",
    "ImageComments": "Unaliased_MB3_PE3",
    "ProcedureStepDescription": "CMI_HBN",
    "DeviceSerialNumber": "26121",
    "AcquisitionMatrixPE": 96,
    "ImageOrientationPatientDICOM": [
        1,
        -2.05103e-10,
        0,
        2.05103e-10,
        1,
        0
    ],
    "EffectiveEchoSpacing": 0.000739978,
    "TotalReadoutTime": 0.0702979,
    "ManufacturersModelName": "Avanto",
    "ProtocolName": "DKI_64_Directions_AP_3_WEIGHTS-_AX",
    "BandwidthPerPixelPhaseEncode": 14.077,
    "RepetitionTime": 4.5,
    "MagneticFieldStrength": 1.5,
    "PhaseEncodingSteps": 72,
    "MRAcquisitionType": "2D",
    "SliceThickness": 2,
    "DwellTime": 3.2e-06,
    "TxRefAmp": 234.179,
    "MultibandAccelerationFactor": 3,
    "DerivedVendorReportedEchoSpacing": 0.000739978,
    "SAR": 0.167703,
    "PixelBandwidth": 1628,
    "ScanningSequence": "EP",
    "Manufacturer": "Siemens",
    "ConversionSoftware": "dcm2niix",
    "PercentPhaseFOV": 100,
    "ReconMatrixPE": 96,
    "FlipAngle": 90,
    "SeriesDescription": "DKI_64_Directions_AP_3_WEIGHTS-_AX",
    "PartialFourier": 0.75,
    "ConversionSoftwareVersion": "v1.0.20171204 (OpenJPEG build) GCC4.8.4",
    "ShimSetting": [
        188,
        -191,
        418,
        890,
        962,
        909,
        592,
        410
    ],
    "PulseSequenceDetails": "%CustomerSeq%_cmrr_mbep2d_diff",
    "PatientPosition": "HFS",
    "SequenceName": "ep_b0",
    "ReceiveCoilName": "32Ch_Head",
    "SpacingBetweenSlices": 2,
    "ImageType": [
        "ORIGINAL",
        "PRIMARY",
        "DIFFUSION",
        "NONE",
        "MB",
        "ND",
        "MOSAIC"
    ],
    "EchoTime": 0.0946,
    "SequenceVariant": "SK_SS",
    "SliceTiming": [
        0,
        2.07,
        4.14,
        1.6925,
        3.765,
        1.3175,
        3.3875,
        0.94,
        3.01,
        0.565,
        2.635,
        0.1875,
        2.2575,
        4.3275,
        1.8825,
        3.9525,
        1.505,
        3.575,
        1.1275,
        3.2,
        0.7525,
        2.8225,
        0.375,
        2.445,
        0,
        2.07,
        4.14,
        1.6925,
        3.765,
        1.3175,
        3.3875,
        0.94,
        3.01,
        0.565,
        2.635,
        0.1875,
        2.2575,
        4.3275,
        1.8825,
        3.9525,
        1.505,
        3.575,
        1.1275,
        3.2,
        0.7525,
        2.8225,
        0.375,
        2.445,
        0,
        2.07,
        4.14,
        1.6925,
        3.765,
        1.3175,
        3.3875,
        0.94,
        3.01,
        0.565,
        2.635,
        0.1875,
        2.2575,
        4.3275,
        1.8825,
        3.9525,
        1.505,
        3.575,
        1.1275,
        3.2,
        0.7525,
        2.8225,
        0.375,
        2.445
    ],
    "PhaseResolution": 1,
    "BaseResolution": 96,
    "PhaseEncodingDirection": "i",
    "ScanOptions": "PFP_FS",
    "SoftwareVersions": "syngo_MR_B17",
    "StationName": "MRC26121",
    "Modality": "MR",
    "Obliquity": "False",
    "VoxelSizeDim1": 2.0,
    "VoxelSizeDim3": 2.0,
    "VoxelSizeDim2": 2.0,
    "Dim1Size": 96,
    "Dim2Size": 96,
    "Dim3Size": 72,
    "NumVolumes": 129,
    "ImageOrientation": "LAS+"
}