{
    "AcquisitionMatrixPE": 104,
    "BandwidthPerPixelPhaseEncode": 24.655,
    "BaseResolution": 104,
    "BodyPartExamined": "BRAIN",
    "ConsistencyInfo": "N4_VE11B_LATEST_20150530",
    "ConversionSoftware": "dcm2niix",
    "ConversionSoftwareVersion": "v1.0.20171204 (OpenJPEG build) GCC4.8.4",
    "DerivedVendorReportedEchoSpacing": 0.000779995,
    "DwellTime": 3.3e-06,
    "EchoTime": 0.1002,
    "EchoTrainLength": 51,
    "EffectiveEchoSpacing": 0.000389997,
    "FlipAngle": 90,
    "ImageComments": "Unaliased_MB3_PE4",
    "ImageOrientationPatientDICOM": [
        0.999898,
        0.00332108,
        -0.0138591,
        -3.91151e-09,
        0.972469,
        0.233034
    ],
    "ImageType": [
        "ORIGINAL",
        "PRIMARY",
        "DIFFUSION",
        "NONE",
        "MB",
        "ND",
        "MOSAIC"
    ],
    "InPlanePhaseEncodingDirectionDICOM": "COL",
    "MRAcquisitionType": "2D",
    "MagneticFieldStrength": 3,
    "Manufacturer": "Siemens",
    "ManufacturersModelName": "Prisma_fit",
    "Modality": "MR",
    "MultibandAccelerationFactor": 3,
    "ParallelReductionFactorInPlane": 2,
    "PartialFourier": 1,
    "PatientPosition": "HFS",
    "PercentPhaseFOV": 100,
    "PhaseEncodingDirection": "j-",
    "PhaseEncodingSteps": 103,
    "PhaseResolution": 1,
    "PixelBandwidth": 1455,
    "ProcedureStepDescription": "CMI_HBN-CBIC",
    "ProtocolName": "cmrr_DKI",
    "PulseSequenceDetails": "%CustomerSeq%_cmrr_mbep2d_diff",
    "ReceiveCoilActiveElements": "HEA;HEP",
    "ReceiveCoilName": "Head_32",
    "ReconMatrixPE": 104,
    "RepetitionTime": 3.32,
    "SAR": 0.289715,
    "ScanOptions": "FS",
    "ScanningSequence": "EP",
    "SequenceName": "ep_b0",
    "SequenceVariant": "SK_SS",
    "SeriesDescription": "cmrr_DKI",
    "ShimSetting": [
        182,
        -10456,
        -5513,
        583,
        -64,
        -133,
        159,
        3
    ],
    "SliceThickness": 1.8,
    "SliceTiming": [
        0,
        1.51,
        3.0225,
        1.235,
        2.7475,
        0.96,
        2.4725,
        0.6875,
        2.1975,
        0.4125,
        1.9225,
        0.1375,
        1.6475,
        3.16,
        1.3725,
        2.885,
        1.0975,
        2.61,
        0.825,
        2.335,
        0.55,
        2.06,
        0.275,
        1.785,
        0,
        1.51,
        3.0225,
        1.235,
        2.7475,
        0.96,
        2.4725,
        0.6875,
        2.1975,
        0.4125,
        1.9225,
        0.1375,
        1.6475,
        3.16,
        1.3725,
        2.885,
        1.0975,
        2.61,
        0.825,
        2.335,
        0.55,
        2.06,
        0.275,
        1.785,
        0,
        1.51,
        3.0225,
        1.235,
        2.7475,
        0.96,
        2.4725,
        0.6875,
        2.1975,
        0.4125,
        1.9225,
        0.1375,
        1.6475,
        3.16,
        1.3725,
        2.885,
        1.0975,
        2.61,
        0.825,
        2.335,
        0.55,
        2.06,
        0.275,
        1.785
    ],
    "SoftwareVersions": "syngo_MR_E11",
    "SpacingBetweenSlices": 1.8,
    "TotalReadoutTime": 0.0401697,
    "TxRefAmp": 255.92,
    "VendorReportedEchoSpacing": 0.00078,
    "Obliquity": "True",
    "VoxelSizeDim1": 1.798076868057251,
    "VoxelSizeDim3": 1.8000000715255737,
    "VoxelSizeDim2": 1.798076868057251,
    "Dim1Size": 104,
    "Dim2Size": 104,
    "Dim3Size": 72,
    "NumVolumes": 129,
    "ImageOrientation": "LAS+"
}