{
    "InPlanePhaseEncodingDirectionDICOM": "ROW",
    "ConsistencyInfo": "N4_VE11B_LATEST_20150530",
    "ProcedureStepDescription": "CMI_HBN-CBIC",
    "DeviceSerialNumber": "67080",
    "AcquisitionMatrixPE": 320,
    "ImageOrientationPatientDICOM": [
        0,
        1,
        0,
        0,
        0,
        -1
    ],
    "ManufacturersModelName": "Prisma_fit",
    "ProtocolName": "T2_SPACE_HCP",
    "RepetitionTime": 3.2,
    "BodyPartExamined": "BRAIN",
    "MagneticFieldStrength": 3,
    "PhaseEncodingSteps": 349,
    "MRAcquisitionType": "3D",
    "ParallelReductionFactorInPlane": 2,
    "SliceThickness": 0.7,
    "DwellTime": 2.1e-06,
    "TxRefAmp": 241.279,
    "EchoTrainLength": 312,
    "ImageType": [
        "ORIGINAL",
        "PRIMARY",
        "M",
        "ND"
    ],
    "SeriesDescription": "T2_SPACE_HCP",
    "SAR": 0.130293,
    "ConversionSoftware": "dcm2niix",
    "ScanningSequence": "SE",
    "Manufacturer": "Siemens",
    "PercentPhaseFOV": 100,
    "ReconMatrixPE": 320,
    "FlipAngle": 120,
    "PhaseOversampling": 0.1,
    "PulseSequenceDetails": "%SiemensSeq%_tse_vfl",
    "PartialFourier": 1,
    "ConversionSoftwareVersion": "v1.0.20171204 (OpenJPEG build) GCC4.8.4",
    "ShimSetting": [
        190,
        -10383,
        -5869,
        94,
        -9,
        -40,
        -17,
        2
    ],
    "PatientPosition": "HFS",
    "SequenceName": "_spc_314ns",
    "ReceiveCoilName": "Head_32",
    "ReceiveCoilActiveElements": "HEA;HEP",
    "EchoTime": 0.564,
    "SequenceVariant": "SK_SP_OSP",
    "PhaseResolution": 1,
    "BaseResolution": 320,
    "PixelBandwidth": 745,
    "ScanOptions": "PFP",
    "SoftwareVersions": "syngo_MR_E11",
    "StationName": "MRTRIO3TX72",
    "Modality": "MR",
    "Obliquity": "False",
    "VoxelSizeDim1": 0.6999969482421875,
    "VoxelSizeDim3": 0.800000011920929,
    "VoxelSizeDim2": 0.800000011920929,
    "Dim1Size": 256,
    "Dim2Size": 320,
    "Dim3Size": 320,
    "NumVolumes": 1.0,
    "ImageOrientation": "LAS+"
}