{
    "InPlanePhaseEncodingDirectionDICOM": "ROW",
    "ConsistencyInfo": "N4_VE11B_LATEST_20150530",
    "ProcedureStepDescription": "CMI_HBN-CBIC",
    "DeviceSerialNumber": "67080",
    "AcquisitionMatrixPE": 256,
    "ImageOrientationPatientDICOM": [
        -0.0646594,
        0.997907,
        4.49529e-08,
        0.0625285,
        0.00405158,
        -0.998035
    ],
    "ManufacturersModelName": "Prisma_fit",
    "ProtocolName": "ABCD_T2w_SPC_vNav",
    "RepetitionTime": 3.2,
    "BodyPartExamined": "BRAIN",
    "MagneticFieldStrength": 3,
    "PhaseEncodingSteps": 227,
    "MRAcquisitionType": "3D",
    "ParallelReductionFactorInPlane": 2,
    "SliceThickness": 1,
    "DwellTime": 8.1e-06,
    "TxRefAmp": 209.199,
    "EchoTrainLength": 190,
    "ImageType": [
        "ORIGINAL",
        "PRIMARY",
        "M",
        "ND",
        "NORM"
    ],
    "SeriesDescription": "ABCD_T2w_SPC_vNav",
    "SAR": 0.12439,
    "ConversionSoftware": "dcm2niix",
    "ScanningSequence": "SE",
    "Manufacturer": "Siemens",
    "PercentPhaseFOV": 100,
    "ReconMatrixPE": 256,
    "FlipAngle": 120,
    "PulseSequenceDetails": "%CustomerSeq%_tse_vfl_mgh_epinav_ABCD",
    "PartialFourier": 1,
    "ConversionSoftwareVersion": "v1.0.20171215 GCC4.8.4",
    "ShimSetting": [
        211,
        -10365,
        -5643,
        535,
        -42,
        56,
        87,
        33
    ],
    "PatientPosition": "HFS",
    "SequenceName": "spc_200ns",
    "ReceiveCoilName": "Head_32",
    "ReceiveCoilActiveElements": "HEA;HEP",
    "EchoTime": 0.565,
    "SequenceVariant": "SK_SP",
    "PhaseResolution": 1,
    "BaseResolution": 256,
    "PixelBandwidth": 240,
    "ScanOptions": "PFP",
    "SoftwareVersions": "syngo_MR_E11",
    "StationName": "MRTRIO3TX72",
    "Modality": "MR",
    "Obliquity": "False",
    "VoxelSizeDim1": 0.9999945163726807,
    "VoxelSizeDim3": 1.0,
    "VoxelSizeDim2": 1.0,
    "Dim1Size": 176,
    "Dim2Size": 256,
    "Dim3Size": 256,
    "NumVolumes": 1.0,
    "ImageOrientation": "LAS+"
}