{
    "AcquisitionMatrixPE": 76,
    "BandwidthPerPixelPhaseEncode": 23.923,
    "BaseResolution": 78,
    "ConversionSoftware": "dcm2niix",
    "ConversionSoftwareVersion": "v1.0.20171204 (OpenJPEG build) GCC4.8.4",
    "DerivedVendorReportedEchoSpacing": 0.00055001,
    "DwellTime": 2.7e-06,
    "EchoTime": 0.04,
    "EffectiveEchoSpacing": 0.00055001,
    "FlipAngle": 55,
    "ImageComments": "Unaliased_MB3_PE3",
    "ImageOrientationPatientDICOM": [
        0.999906,
        0.00229794,
        0.0135303,
        4.00205e-08,
        0.985882,
        -0.167441
    ],
    "ImageType": [
        "ORIGINAL",
        "PRIMARY",
        "M",
        "MB",
        "ND",
        "MOSAIC"
    ],
    "InPlanePhaseEncodingDirectionDICOM": "COL",
    "MRAcquisitionType": "2D",
    "MagneticFieldStrength": 1.5,
    "Manufacturer": "Siemens",
    "ManufacturersModelName": "Avanto",
    "Modality": "MR",
    "MultibandAccelerationFactor": 3,
    "PartialFourier": 1,
    "PatientPosition": "HFS",
    "PercentPhaseFOV": 97.4359,
    "PhaseEncodingDirection": "j-",
    "PhaseEncodingSteps": 76,
    "PhaseResolution": 1,
    "PixelBandwidth": 2374,
    "ProcedureStepDescription": "CMI_HBN",
    "ProtocolName": "Resting_State_2.5mm",
    "PulseSequenceDetails": "%CustomerSeq%_cmrr_mbep2d_bold",
    "ReceiveCoilName": "32Ch_Head",
    "ReconMatrixPE": 76,
    "RepetitionTime": 1.45,
    "SAR": 0.0320985,
    "ScanOptions": "FS",
    "ScanningSequence": "EP",
    "SequenceName": "epfid2d1_76",
    "SequenceVariant": "SK_SS",
    "SeriesDescription": "Resting_State_2.5mm",
    "ShimSetting": [
        70,
        -120,
        423,
        1053,
        591,
        190,
        -176,
        395
    ],
    "SliceThickness": 2.5,
    "SliceTiming": [
        0,
        1.05,
        0.645,
        0.2425,
        1.2925,
        0.8875,
        0.485,
        0.08,
        1.13,
        0.7275,
        0.3225,
        1.3725,
        0.97,
        0.565,
        0.16,
        1.2125,
        0.8075,
        0.4025,
        0,
        1.05,
        0.645,
        0.2425,
        1.2925,
        0.8875,
        0.485,
        0.08,
        1.13,
        0.7275,
        0.3225,
        1.3725,
        0.97,
        0.565,
        0.16,
        1.2125,
        0.8075,
        0.4025,
        0,
        1.05,
        0.645,
        0.2425,
        1.2925,
        0.8875,
        0.485,
        0.08,
        1.13,
        0.7275,
        0.3225,
        1.3725,
        0.97,
        0.565,
        0.16,
        1.2125,
        0.8075,
        0.4025
    ],
    "SoftwareVersions": "syngo_MR_B17",
    "SpacingBetweenSlices": 2.5,
    "TaskName": "rest",
    "TotalReadoutTime": 0.0412508,
    "TxRefAmp": 242.835,
    "Obliquity": "True",
    "VoxelSizeDim1": 2.461538553237915,
    "VoxelSizeDim3": 2.5,
    "VoxelSizeDim2": 2.461538553237915,
    "Dim1Size": 78,
    "Dim2Size": 76,
    "Dim3Size": 54,
    "NumVolumes": 420,
    "ImageOrientation": "LAS+"
}