{
    "InPlanePhaseEncodingDirectionDICOM": "COL",
    "ImageComments": "Unaliased_MB3_PE3",
    "ProcedureStepDescription": "CMI_HBN",
    "DeviceSerialNumber": "26121",
    "AcquisitionMatrixPE": 96,
    "ImageOrientationPatientDICOM": [
        1,
        0,
        0,
        0,
        0.978148,
        -0.207912
    ],
    "EffectiveEchoSpacing": 0.00071998,
    "TotalReadoutTime": 0.0683981,
    "ManufacturersModelName": "Avanto",
    "ProtocolName": "DKI_64_Directions_AP_3_WEIGHTS-_AX",
    "PhaseEncodingDirection": "j-",
    "BandwidthPerPixelPhaseEncode": 14.468,
    "RepetitionTime": 4.5,
    "MagneticFieldStrength": 1.5,
    "PhaseEncodingSteps": 72,
    "MRAcquisitionType": "2D",
    "SliceThickness": 2,
    "DwellTime": 3.2e-06,
    "TxRefAmp": 229.927,
    "MultibandAccelerationFactor": 3,
    "DerivedVendorReportedEchoSpacing": 0.00071998,
    "SAR": 0.103176,
    "PixelBandwidth": 1628,
    "ScanningSequence": "EP",
    "Manufacturer": "Siemens",
    "PercentPhaseFOV": 100,
    "ReconMatrixPE": 96,
    "FlipAngle": 90,
    "SeriesDescription": "DKI_64_Directions_AP_3_WEIGHTS-_AX",
    "PartialFourier": 0.75,
    "ConversionSoftwareVersion": "v1.0.20171204 (OpenJPEG build) GCC4.8.4",
    "ShimSetting": [
        143,
        -156,
        470,
        1344,
        277,
        460,
        -121,
        343
    ],
    "PulseSequenceDetails": "%CustomerSeq%_cmrr_mbep2d_diff",
    "PatientPosition": "HFS",
    "SequenceName": "ep_b0",
    "ReceiveCoilName": "32Ch_Head",
    "SpacingBetweenSlices": 2,
    "ImageType": [
        "ORIGINAL",
        "PRIMARY",
        "DIFFUSION",
        "NONE",
        "MB",
        "ND",
        "MOSAIC"
    ],
    "EchoTime": 0.0938,
    "SequenceVariant": "SK_SS",
    "SliceTiming": [
        0,
        2.07,
        4.14,
        1.695,
        3.765,
        1.3175,
        3.3875,
        0.94,
        3.0125,
        0.565,
        2.635,
        0.1875,
        2.26,
        4.33,
        1.8825,
        3.9525,
        1.505,
        3.5775,
        1.13,
        3.2,
        0.7525,
        2.8225,
        0.3775,
        2.4475,
        0,
        2.07,
        4.14,
        1.695,
        3.765,
        1.3175,
        3.3875,
        0.94,
        3.0125,
        0.565,
        2.635,
        0.1875,
        2.26,
        4.33,
        1.8825,
        3.9525,
        1.505,
        3.5775,
        1.13,
        3.2,
        0.7525,
        2.8225,
        0.3775,
        2.4475,
        0,
        2.07,
        4.14,
        1.695,
        3.765,
        1.3175,
        3.3875,
        0.94,
        3.0125,
        0.565,
        2.635,
        0.1875,
        2.26,
        4.33,
        1.8825,
        3.9525,
        1.505,
        3.5775,
        1.13,
        3.2,
        0.7525,
        2.8225,
        0.3775,
        2.4475
    ],
    "PhaseResolution": 1,
    "BaseResolution": 96,
    "ConversionSoftware": "dcm2niix",
    "ScanOptions": "PFP_FS",
    "SoftwareVersions": "syngo_MR_B17",
    "StationName": "MRC26121",
    "Modality": "MR",
    "Obliquity": "True",
    "VoxelSizeDim1": 2.0,
    "VoxelSizeDim3": 2.0,
    "VoxelSizeDim2": 2.0,
    "Dim1Size": 96,
    "Dim2Size": 96,
    "Dim3Size": 72,
    "NumVolumes": 129,
    "ImageOrientation": "LAS+"
}